GIT
  remote: git://github.com/wndxlori/yubikey_database_authenticatable.git
  revision: 0c17bf4fc3f25b1303930306ebdc3fc5d8f91b49
  specs:
    yubikey_database_authenticatable (0.3.1)
      devise (~> 2.2.3)
      yubikey (~> 1.3.1)

GEM
  remote: https://rubygems.org/
  specs:
    actionmailer (3.2.13)
      actionpack (= 3.2.13)
      mail (~> 2.5.3)
    actionpack (3.2.13)
      activemodel (= 3.2.13)
      activesupport (= 3.2.13)
      builder (~> 3.0.0)
      erubis (~> 2.7.0)
      journey (~> 1.0.4)
      rack (~> 1.4.5)
      rack-cache (~> 1.2)
      rack-test (~> 0.6.1)
      sprockets (~> 2.2.1)
    activemodel (3.2.13)
      activesupport (= 3.2.13)
      builder (~> 3.0.0)
    activerecord (3.2.13)
      activemodel (= 3.2.13)
      activesupport (= 3.2.13)
      arel (~> 3.0.2)
      tzinfo (~> 0.3.29)
    activerecord-jdbc-adapter (1.2.8)
    activerecord-jdbcmysql-adapter (1.2.7)
      activerecord-jdbc-adapter (~> 1.2.7)
      jdbc-mysql (~> 5.1.0)
    activeresource (3.2.13)
      activemodel (= 3.2.13)
      activesupport (= 3.2.13)
    activesupport (3.2.13)
      i18n (= 0.6.1)
      multi_json (~> 1.0)
    addressable (2.3.3)
    arel (3.0.2)
    bcrypt-ruby (3.0.1)
    bcrypt-ruby (3.0.1-java)
    bootstrap-sass (2.3.1.0)
      sass (~> 3.2)
    bouncy-castle-java (1.5.0147)
    builder (3.0.4)
    cancan (1.6.9)
    capistrano (2.14.2)
      highline
      net-scp (>= 1.0.0)
      net-sftp (>= 2.0.0)
      net-ssh (>= 2.0.14)
      net-ssh-gateway (>= 1.1.0)
    capybara (2.0.2)
      mime-types (>= 1.16)
      nokogiri (>= 1.3.3)
      rack (>= 1.0.0)
      rack-test (>= 0.5.4)
      selenium-webdriver (~> 2.0)
      xpath (~> 1.0.0)
    childprocess (0.3.9)
      ffi (~> 1.0, >= 1.0.11)
    coffee-rails (3.2.2)
      coffee-script (>= 2.2.0)
      railties (~> 3.2.0)
    coffee-script (2.2.0)
      coffee-script-source
      execjs
    coffee-script-source (1.6.1)
    cucumber (1.2.3)
      builder (>= 2.1.2)
      diff-lcs (>= 1.1.3)
      gherkin (~> 2.11.6)
      multi_json (~> 1.3)
    cucumber-rails (1.3.1)
      capybara (>= 1.1.2)
      cucumber (>= 1.2.0)
      nokogiri (>= 1.5.0)
      rails (~> 3.0)
    database_cleaner (0.9.1)
    delayed_job (3.0.5)
      activesupport (~> 3.0)
    delayed_job_active_record (0.4.3)
      activerecord (>= 2.1.0, < 4)
      delayed_job (~> 3.0)
    devise (2.2.3)
      bcrypt-ruby (~> 3.0)
      orm_adapter (~> 0.1)
      railties (~> 3.1)
      warden (~> 1.2.1)
    devise-async (0.6.0)
      devise (>= 2.2)
    diff-lcs (1.2.1)
    email_spec (1.4.0)
      launchy (~> 2.1)
      mail (~> 2.2)
    erubis (2.7.0)
    execjs (1.4.0)
      multi_json (~> 1.0)
    factory_girl (4.2.0)
      activesupport (>= 3.0.0)
    factory_girl_rails (4.2.1)
      factory_girl (~> 4.2.0)
      railties (>= 3.0.0)
    ffi (1.4.0)
    ffi (1.4.0-java)
    ffi-locale (1.0.1)
      ffi (>= 1.0.9)
    ffi-ncurses (0.4.0)
      ffi (>= 1.0.9)
      ffi-locale (>= 1.0.0)
    figaro (0.6.3)
      bundler (~> 1.0)
      rails (>= 3, < 5)
    gherkin (2.11.6)
      json (>= 1.7.6)
    gherkin (2.11.6-java)
      json (>= 1.7.6)
    highline (1.6.16)
    hike (1.2.1)
    i18n (0.6.1)
    jdbc-mysql (5.1.24)
    journey (1.0.4)
    jquery-rails (2.2.1)
      railties (>= 3.0, < 5.0)
      thor (>= 0.14, < 2.0)
    jruby-lint (0.4.1)
      jruby-openssl
      nokogiri (>= 1.5.0.beta.4)
      term-ansicolor
    jruby-openssl (0.8.7)
      bouncy-castle-java (>= 1.5.0147)
    jruby-rack (1.1.13.1)
    jruby-rack-worker (0.9.1)
      jruby-rack (>= 1.1.10)
    json (1.7.7)
    json (1.7.7-java)
    launchy (2.2.0)
      addressable (~> 2.3)
    launchy (2.2.0-java)
      addressable (~> 2.3)
      spoon (~> 0.0.1)
    mail (2.5.3)
      i18n (>= 0.4.0)
      mime-types (~> 1.16)
      treetop (~> 1.4.8)
    mime-types (1.21)
    multi_json (1.7.0)
    net-scp (1.1.0)
      net-ssh (>= 2.6.5)
    net-sftp (2.1.1)
      net-ssh (>= 2.6.5)
    net-ssh (2.6.6)
    net-ssh-gateway (1.2.0)
      net-ssh (>= 2.6.5)
    nokogiri (1.5.7.rc3)
    nokogiri (1.5.7.rc3-java)
    orm_adapter (0.4.0)
    polyglot (0.3.3)
    quiet_assets (1.0.2)
      railties (>= 3.1, < 5.0)
    rack (1.4.5)
    rack-cache (1.2)
      rack (>= 0.4)
    rack-ssl (1.3.3)
      rack
    rack-test (0.6.2)
      rack (>= 1.0)
    rails (3.2.13)
      actionmailer (= 3.2.13)
      actionpack (= 3.2.13)
      activerecord (= 3.2.13)
      activeresource (= 3.2.13)
      activesupport (= 3.2.13)
      bundler (~> 1.0)
      railties (= 3.2.13)
    railties (3.2.13)
      actionpack (= 3.2.13)
      activesupport (= 3.2.13)
      rack-ssl (~> 1.3.2)
      rake (>= 0.8.7)
      rdoc (~> 3.4)
      thor (>= 0.14.6, < 2.0)
    rake (10.0.3)
    rdoc (3.12.2)
      json (~> 1.4)
    rolify (3.2.0)
    rspec-core (2.13.1)
    rspec-expectations (2.13.0)
      diff-lcs (>= 1.1.3, < 2.0)
    rspec-mocks (2.13.0)
    rspec-rails (2.13.0)
      actionpack (>= 3.0)
      activesupport (>= 3.0)
      railties (>= 3.0)
      rspec-core (~> 2.13.0)
      rspec-expectations (~> 2.13.0)
      rspec-mocks (~> 2.13.0)
    rubyzip (0.9.9)
    sass (3.2.7)
    sass-rails (3.2.6)
      railties (~> 3.2.0)
      sass (>= 3.1.10)
      tilt (~> 1.3)
    selenium-webdriver (2.31.0)
      childprocess (>= 0.2.5)
      multi_json (~> 1.0)
      rubyzip
      websocket (~> 1.0.4)
    simple_form (2.1.0)
      actionpack (~> 3.0)
      activemodel (~> 3.0)
    spoon (0.0.1)
    sprockets (2.2.2)
      hike (~> 1.2)
      multi_json (~> 1.0)
      rack (~> 1.0)
      tilt (~> 1.1, != 1.3.0)
    term-ansicolor (1.1.1)
    therubyrhino (2.0.2)
      therubyrhino_jar (>= 1.7.3)
    therubyrhino_jar (1.7.4)
    thor (0.17.0)
    tilt (1.3.6)
    treetop (1.4.12)
      polyglot
      polyglot (>= 0.3.1)
    trinidad (1.4.4)
      jruby-rack (>= 1.1.10)
      trinidad_jars (>= 1.1.0)
    trinidad_diagnostics_extension (0.1.0)
      jruby-lint (>= 0.3.0)
      trinidad
    trinidad_jars (1.2.2)
    trinidad_worker_extension (0.2.0)
      jruby-rack-worker (>= 0.7)
      trinidad (>= 1.4.1)
    tzinfo (0.3.37)
    uglifier (1.3.0)
      execjs (>= 0.3.0)
      multi_json (~> 1.0, >= 1.0.2)
    warden (1.2.1)
      rack (>= 1.0)
    websocket (1.0.7)
    xpath (1.0.0)
      nokogiri (~> 1.3)
    yubikey (1.3.1)

PLATFORMS
  java

DEPENDENCIES
  activerecord-jdbc-adapter
  activerecord-jdbcmysql-adapter
  bootstrap-sass (>= 2.2.2.0)
  cancan (>= 1.6.8)
  capistrano
  capybara (>= 2.0.2)
  coffee-rails (~> 3.2.1)
  cucumber-rails (>= 1.3.0)
  database_cleaner (>= 0.9.1)
  delayed_job
  delayed_job_active_record
  devise (>= 2.2.3)
  devise-async
  email_spec (>= 1.4.0)
  factory_girl_rails (>= 4.2.0)
  ffi-ncurses
  figaro (>= 0.5.3)
  jdbc-mysql
  jquery-rails
  launchy (>= 2.1.2)
  quiet_assets (>= 1.0.1)
  rails (~> 3.2.13)
  rolify (>= 3.2.0)
  rspec-rails (>= 2.12.2)
  sass-rails (~> 3.2.3)
  simple_form (>= 2.0.4)
  therubyrhino
  trinidad (~> 1.4.4)
  trinidad_diagnostics_extension
  trinidad_worker_extension
  uglifier (>= 1.0.3)
  yubikey (~> 1.3.1)
  yubikey_database_authenticatable!
